GIT
  remote: https://github.com/raulb/stethoscope.git
  revision: 1b7edef7b23ae080bacf4404831769a18203d602
  specs:
    stethoscope (0.2.3)
      dictionary (>= 1.0)
      rack (> 1.0)
      tilt (>= 1.0)

GIT
  remote: https://github.com/tmm1/http_parser.rb.git
  revision: e0bd3e9d5921822efdeb8c2adc5a5a6bf3913a19
  branch: latest-upstream
  specs:
    http_parser.rb (0.5.3)

GEM
  remote: https://rubygems.org/
  specs:
    addressable (2.4.0)
    backports (3.6.8)
    chunky_png (1.3.7)
    compass (1.0.3)
      chunky_png (~> 1.2)
      compass-core (~> 1.0.2)
      compass-import-once (~> 1.0.5)
      rb-fsevent (>= 0.9.3)
      rb-inotify (>= 0.9)
      sass (>= 3.3.13, < 3.5)
    compass-core (1.0.3)
      multi_json (~> 1.0)
      sass (>= 3.3.0, < 3.5)
    compass-import-once (1.0.5)
      sass (>= 3.2, < 3.5)
    cookiejar (0.3.3)
    daemons (1.2.4)
    dictionary (1.0.0)
    em-http-request (1.0.3)
      addressable (>= 2.2.3)
      cookiejar
      em-socksify
      eventmachine (>= 1.0.0.beta.4)
      http_parser.rb (>= 0.5.3)
    em-socksify (0.3.1)
      eventmachine (>= 1.0.0.beta.4)
    eventmachine (1.2.0.1)
    excon (0.53.0)
    faraday (0.9.2)
      multipart-post (>= 1.2, < 3)
    ffi (1.9.14)
    hashie (3.4.6)
    heroku-api (0.4.2)
      excon (~> 0.45)
      multi_json (~> 1.8)
    heroku-bouncer (0.0.1)
      heroku-api (>= 0.0.0)
      omniauth-heroku (>= 0.1.0)
      sinatra (~> 1.0)
    json (2.0.2)
    jwt (1.5.6)
    multi_json (1.12.1)
    multi_xml (0.5.5)
    multipart-post (2.0.0)
    oauth2 (1.2.0)
      faraday (>= 0.8, < 0.10)
      jwt (~> 1.0)
      multi_json (~> 1.3)
      multi_xml (~> 0.5)
      rack (>= 1.2, < 3)
    omniauth (1.3.1)
      hashie (>= 1.2, < 4)
      rack (>= 1.0, < 3)
    omniauth-heroku (0.3.0)
      omniauth (~> 1.2)
      omniauth-oauth2 (~> 1.2)
    omniauth-oauth2 (1.4.0)
      oauth2 (~> 1.0)
      omniauth (~> 1.2)
    rack (1.6.4)
    rack-flash3 (1.0.5)
      rack
    rack-protection (1.5.3)
      rack
    rack-test (0.6.3)
      rack (>= 1.0)
    rb-fsevent (0.9.7)
    rb-inotify (0.9.7)
      ffi (>= 0.5.0)
    sass (3.4.22)
    sinatra (1.4.7)
      rack (~> 1.5)
      rack-protection (~> 1.4)
      tilt (>= 1.3, < 3)
    sinatra-contrib (1.4.7)
      backports (>= 2.0)
      multi_json
      rack-protection
      rack-test
      sinatra (~> 1.4.0)
      tilt (>= 1.3, < 3)
    slim (3.0.7)
      temple (~> 0.7.6)
      tilt (>= 1.3.3, < 2.1)
    temple (0.7.7)
    thin (1.7.0)
      daemons (~> 1.0, >= 1.0.9)
      eventmachine (~> 1.0, >= 1.0.4)
      rack (>= 1, < 3)
    tilt (2.0.5)

PLATFORMS
  ruby

DEPENDENCIES
  compass
  em-http-request (~> 1.0)
  eventmachine
  heroku-bouncer (= 0.0.1)
  http_parser.rb!
  json
  rack-flash3
  sinatra-contrib
  slim
  stethoscope!
  thin

RUBY VERSION
   ruby 2.2.3p173

BUNDLED WITH
   1.13.1
